GEM
  remote: https://rubygems.org/
  specs:
    csv (3.2.7)
    nokogiri (1.15.3-arm64-darwin)
      racc (~> 1.4)
    nokogiri (1.15.3-x86_64-linux)
      racc (~> 1.4)
    racc (1.7.1)
    rake (13.0.6)
    tilt (2.2.0)

PLATFORMS
  arm64-darwin-21
  x86_64-linux

DEPENDENCIES
  csv
  nokogiri
  rake
  tilt

BUNDLED WITH
   2.3.24
